GEM
  remote: https://rubygems.org/
  specs:
    coderay (1.1.3)
    date (3.2.2)
    method_source (1.0.0)
    nokogiri (1.13.1-x86_64-darwin)
      racc (~> 1.4)
    open-uri (0.2.0)
      stringio
      time
      uri
    pry (0.13.1)
      coderay (~> 1.1)
      method_source (~> 1.0)
    racc (1.6.0)
    stringio (3.0.1)
    time (0.2.0)
      date
    uri (0.11.0)

PLATFORMS
  x86_64-darwin-20

DEPENDENCIES
  nokogiri (~> 1.10)
  open-uri (~> 0.2.0)
  pry (~> 0.13.1)

BUNDLED WITH
   2.2.24
